GEM
  remote: https://rubygems.org/
  specs:
    actioncable (7.0.2.3)
      actionpack (= 7.0.2.3)
      activesupport (= 7.0.2.3)
      nio4r (~> 2.0)
      websocket-driver (>= 0.6.1)
    actionmailbox (7.0.2.3)
      actionpack (= 7.0.2.3)
      activejob (= 7.0.2.3)
      activerecord (= 7.0.2.3)
      activestorage (= 7.0.2.3)
      activesupport (= 7.0.2.3)
      mail (>= 2.7.1)
      net-imap
      net-pop
      net-smtp
    actionmailer (7.0.2.3)
      actionpack (= 7.0.2.3)
      actionview (= 7.0.2.3)
      activejob (= 7.0.2.3)
      activesupport (= 7.0.2.3)
      mail (~> 2.5, >= 2.5.4)
      net-imap
      net-pop
      net-smtp
      rails-dom-testing (~> 2.0)
    actionpack (7.0.2.3)
      actionview (= 7.0.2.3)
      activesupport (= 7.0.2.3)
      rack (~> 2.0, >= 2.2.0)
      rack-test (>= 0.6.3)
      rails-dom-testing (~> 2.0)
      rails-html-sanitizer (~> 1.0, >= 1.2.0)
    actiontext (7.0.2.3)
      actionpack (= 7.0.2.3)
      activerecord (= 7.0.2.3)
      activestorage (= 7.0.2.3)
      activesupport (= 7.0.2.3)
      globalid (>= 0.6.0)
      nokogiri (>= 1.8.5)
    actionview (7.0.2.3)
      activesupport (= 7.0.2.3)
      builder (~> 3.1)
      erubi (~> 1.4)
      rails-dom-testing (~> 2.0)
      rails-html-sanitizer (~> 1.1, >= 1.2.0)
    active_record_doctor (1.9.0)
      activerecord (>= 4.2.0)
    activejob (7.0.2.3)
      activesupport (= 7.0.2.3)
      globalid (>= 0.3.6)
    activemodel (7.0.2.3)
      activesupport (= 7.0.2.3)
    activerecord (7.0.2.3)
      activemodel (= 7.0.2.3)
      activesupport (= 7.0.2.3)
    activestorage (7.0.2.3)
      actionpack (= 7.0.2.3)
      activejob (= 7.0.2.3)
      activerecord (= 7.0.2.3)
      activesupport (= 7.0.2.3)
      marcel (~> 1.0)
      mini_mime (>= 1.1.0)
    activesupport (7.0.2.3)
      concurrent-ruby (~> 1.0, >= 1.0.2)
      i18n (>= 1.6, < 2)
      minitest (>= 5.1)
      tzinfo (~> 2.0)
    addressable (2.8.0)
      public_suffix (>= 2.0.2, < 5.0)
    annotate (3.2.0)
      activerecord (>= 3.2, < 8.0)
      rake (>= 10.4, < 14.0)
    ast (2.4.2)
    axiom-types (0.1.1)
      descendants_tracker (~> 0.0.4)
      ice_nine (~> 0.11.0)
      thread_safe (~> 0.3, >= 0.3.1)
    bcrypt (3.1.16)
    bootsnap (1.11.1)
      msgpack (~> 1.2)
    brakeman (5.2.1)
    builder (3.2.4)
    bullet (7.0.1)
      activesupport (>= 3.0.0)
      uniform_notifier (~> 1.11)
    bundler-audit (0.9.0.1)
      bundler (>= 1.2.0, < 3)
      thor (~> 1.0)
    capybara (3.36.0)
      addressable
      matrix
      mini_mime (>= 0.1.3)
      nokogiri (~> 1.8)
      rack (>= 1.6.0)
      rack-test (>= 0.6.3)
      regexp_parser (>= 1.5, < 3.0)
      xpath (~> 3.2)
    childprocess (4.1.0)
    code_analyzer (0.5.5)
      sexp_processor
    coderay (1.1.3)
    coercible (1.0.0)
      descendants_tracker (~> 0.0.1)
    concurrent-ruby (1.1.9)
    connection_pool (2.2.5)
    coveralls_reborn (0.23.1)
      simplecov (>= 0.18.1, < 0.22.0)
      term-ansicolor (~> 1.6)
      thor (>= 0.20.3, < 2.0)
      tins (~> 1.16)
    crass (1.0.6)
    database_cleaner (2.0.1)
      database_cleaner-active_record (~> 2.0.0)
    database_cleaner-active_record (2.0.1)
      activerecord (>= 5.a)
      database_cleaner-core (~> 2.0.0)
    database_cleaner-core (2.0.1)
    date (3.2.2)
    debug (1.4.0)
      irb (>= 1.3.6)
      reline (>= 0.2.7)
    descendants_tracker (0.0.4)
      thread_safe (~> 0.3, >= 0.3.1)
    diff-lcs (1.5.0)
    digest (3.1.0)
    docile (1.4.0)
    dotenv (2.7.6)
    dotenv-rails (2.7.6)
      dotenv (= 2.7.6)
      railties (>= 3.2)
    email_spec (2.2.0)
      htmlentities (~> 4.3.3)
      launchy (~> 2.1)
      mail (~> 2.7)
    enumerize (2.5.0)
      activesupport (>= 3.2)
    equalizer (0.0.11)
    erubi (1.10.0)
    erubis (2.7.0)
    factory_bot (6.2.0)
      activesupport (>= 5.0.0)
    factory_bot_rails (6.2.0)
      factory_bot (~> 6.2.0)
      railties (>= 5.0.0)
    faker (2.20.0)
      i18n (>= 1.8.11, < 2)
    ffi (1.15.5)
    flay (2.4.0)
      ruby_parser (~> 3.0)
      sexp_processor (~> 4.0)
    flog (4.2.1)
      ruby_parser (~> 3.1, > 3.1.0)
      sexp_processor (~> 4.4)
    globalid (1.0.0)
      activesupport (>= 5.0)
    htmlentities (4.3.4)
    i18n (1.10.0)
      concurrent-ruby (~> 1.0)
    ice_nine (0.11.2)
    interactor (3.1.2)
    interactor-rails (2.2.1)
      interactor (~> 3.0)
      rails (>= 4.2)
    io-console (0.5.11)
    io-wait (0.2.1)
    irb (1.4.1)
      reline (>= 0.3.0)
    json (2.6.1)
    json_spec (1.1.5)
      multi_json (~> 1.0)
      rspec (>= 2.0, < 4.0)
    jsonapi-serializer (2.2.0)
      activesupport (>= 4.2)
    jwt (2.3.0)
    launchy (2.5.0)
      addressable (~> 2.7)
    listen (3.7.1)
      rb-fsevent (~> 0.10, >= 0.10.3)
      rb-inotify (~> 0.9, >= 0.9.10)
    loofah (2.14.0)
      crass (~> 1.0.2)
      nokogiri (>= 1.5.9)
    mail (2.7.1)
      mini_mime (>= 0.1.1)
    marcel (1.0.2)
    matrix (0.4.2)
    method_source (1.0.0)
    mini_mime (1.1.2)
    minitest (5.15.0)
    msgpack (1.4.5)
    multi_json (1.15.0)
    n_plus_one_control (0.6.2)
    net-imap (0.2.3)
      digest
      net-protocol
      strscan
    net-pop (0.1.1)
      digest
      net-protocol
      timeout
    net-protocol (0.1.2)
      io-wait
      timeout
    net-smtp (0.3.1)
      digest
      net-protocol
      timeout
    nio4r (2.5.8)
    nokogiri (1.13.3-x86_64-linux)
      racc (~> 1.4)
    oj (3.13.11)
    open-uri (0.2.0)
      stringio
      time
      uri
    parallel (1.21.0)
    parser (2.7.2.0)
      ast (~> 2.4.1)
    pg (1.3.3)
    pry (0.14.1)
      coderay (~> 1.1)
      method_source (~> 1.0)
    public_suffix (4.0.6)
    puma (5.6.2)
      nio4r (~> 2.0)
    pundit (2.2.0)
      activesupport (>= 3.0.0)
    racc (1.6.0)
    rack (2.2.3)
    rack-attack (6.6.0)
      rack (>= 1.0, < 3)
    rack-cors (1.1.1)
      rack (>= 2.0.0)
    rack-mini-profiler (2.3.4)
      rack (>= 1.2.0)
    rack-test (1.1.0)
      rack (>= 1.0, < 3)
    rails (7.0.2.3)
      actioncable (= 7.0.2.3)
      actionmailbox (= 7.0.2.3)
      actionmailer (= 7.0.2.3)
      actionpack (= 7.0.2.3)
      actiontext (= 7.0.2.3)
      actionview (= 7.0.2.3)
      activejob (= 7.0.2.3)
      activemodel (= 7.0.2.3)
      activerecord (= 7.0.2.3)
      activestorage (= 7.0.2.3)
      activesupport (= 7.0.2.3)
      bundler (>= 1.15.0)
      railties (= 7.0.2.3)
    rails-controller-testing (1.0.5)
      actionpack (>= 5.0.1.rc1)
      actionview (>= 5.0.1.rc1)
      activesupport (>= 5.0.1.rc1)
    rails-dom-testing (2.0.3)
      activesupport (>= 4.2.0)
      nokogiri (>= 1.6)
    rails-html-sanitizer (1.4.2)
      loofah (~> 2.3)
    rails_best_practices (1.23.1)
      activesupport
      code_analyzer (~> 0.5.5)
      erubis
      i18n
      json
      require_all (~> 3.0)
      ruby-progressbar
    railties (7.0.2.3)
      actionpack (= 7.0.2.3)
      activesupport (= 7.0.2.3)
      method_source
      rake (>= 12.2)
      thor (~> 1.0)
      zeitwerk (~> 2.5)
    rainbow (2.2.2)
      rake
    rake (13.0.6)
    rb-fsevent (0.11.1)
    rb-inotify (0.10.1)
      ffi (~> 1.0)
    rb-readline (0.5.5)
    redis (4.6.0)
    reek (1.3.8)
      rainbow (>= 1.99, < 3.0)
      ruby2ruby (>= 2.0.8, < 3.0)
      ruby_parser (~> 3.3)
      sexp_processor
    regexp_parser (2.2.1)
    reline (0.3.1)
      io-console (~> 0.5)
    require_all (3.0.0)
    rexml (3.2.5)
    rolify (5.3.0)
    rspec (3.11.0)
      rspec-core (~> 3.11.0)
      rspec-expectations (~> 3.11.0)
      rspec-mocks (~> 3.11.0)
    rspec-core (3.11.0)
      rspec-support (~> 3.11.0)
    rspec-expectations (3.11.0)
      diff-lcs (>= 1.2.0, < 2.0)
      rspec-support (~> 3.11.0)
    rspec-json_expectations (2.2.0)
    rspec-mocks (3.11.0)
      diff-lcs (>= 1.2.0, < 2.0)
      rspec-support (~> 3.11.0)
    rspec-rails (5.1.1)
      actionpack (>= 5.2)
      activesupport (>= 5.2)
      railties (>= 5.2)
      rspec-core (~> 3.10)
      rspec-expectations (~> 3.10)
      rspec-mocks (~> 3.10)
      rspec-support (~> 3.10)
    rspec-support (3.11.0)
    rubocop (1.7.0)
      parallel (~> 1.10)
      parser (>= 2.7.1.5)
      rainbow (>= 2.2.2, < 4.0)
      regexp_parser (>= 1.8, < 3.0)
      rexml
      rubocop-ast (>= 1.2.0, < 2.0)
      ruby-progressbar (~> 1.7)
      unicode-display_width (>= 1.4.0, < 2.0)
    rubocop-ast (1.4.1)
      parser (>= 2.7.1.5)
    rubocop-faker (1.1.0)
      faker (>= 2.12.0)
      rubocop (>= 0.82.0)
    rubocop-performance (1.13.3)
      rubocop (>= 1.7.0, < 2.0)
      rubocop-ast (>= 0.4.0)
    rubocop-rails (2.13.2)
      activesupport (>= 4.2.0)
      rack (>= 1.1)
      rubocop (>= 1.7.0, < 2.0)
    rubocop-rake (0.6.0)
      rubocop (~> 1.0)
    rubocop-rspec (2.4.0)
      rubocop (~> 1.0)
      rubocop-ast (>= 1.1.0)
    ruby-progressbar (1.11.0)
    ruby2ruby (2.4.4)
      ruby_parser (~> 3.1)
      sexp_processor (~> 4.6)
    ruby_parser (3.18.1)
      sexp_processor (~> 4.16)
    rubycritic (1.1.1)
      flay (= 2.4.0)
      flog (= 4.2.1)
      parser (~> 2.1)
      reek (= 1.3.8)
      ruby2ruby (>= 2.1.1, < 3.0)
      virtus (~> 1.0)
    rubyzip (2.3.2)
    selenium-webdriver (4.1.0)
      childprocess (>= 0.5, < 5.0)
      rexml (~> 3.2, >= 3.2.5)
      rubyzip (>= 1.2.2)
    sexp_processor (4.16.0)
    shoulda-matchers (5.1.0)
      activesupport (>= 5.2.0)
    sidekiq (6.4.1)
      connection_pool (>= 2.2.2)
      rack (~> 2.0)
      redis (>= 4.2.0)
    simplecov (0.21.2)
      docile (~> 1.1)
      simplecov-html (~> 0.11)
      simplecov_json_formatter (~> 0.1)
    simplecov-html (0.12.3)
    simplecov-lcov (0.8.0)
    simplecov_json_formatter (0.1.4)
    spring (2.1.1)
    spring-watcher-listen (2.0.1)
      listen (>= 2.7, < 4.0)
      spring (>= 1.2, < 3.0)
    stringio (3.0.1)
    strong_migrations (0.7.9)
      activerecord (>= 5)
    strscan (3.0.1)
    sync (0.5.0)
    term-ansicolor (1.7.1)
      tins (~> 1.0)
    thor (1.2.1)
    thread_safe (0.3.6)
    time (0.2.0)
      date
    timeout (0.2.0)
    tins (1.31.0)
      sync
    tzinfo (2.0.4)
      concurrent-ruby (~> 1.0)
    unicode-display_width (1.8.0)
    uniform_notifier (1.14.2)
    uri (0.11.0)
    virtus (1.0.5)
      axiom-types (~> 0.1)
      coercible (~> 1.0)
      descendants_tracker (~> 0.0, >= 0.0.3)
      equalizer (~> 0.0, >= 0.0.9)
    webdrivers (5.0.0)
      nokogiri (~> 1.6)
      rubyzip (>= 1.3.0)
      selenium-webdriver (~> 4.0)
    websocket-driver (0.7.5)
      websocket-extensions (>= 0.1.0)
    websocket-extensions (0.1.5)
    xpath (3.2.0)
      nokogiri (~> 1.8)
    zeitwerk (2.5.4)

PLATFORMS
  x86_64-linux

DEPENDENCIES
  active_record_doctor (~> 1.9)
  annotate
  bcrypt (~> 3.1.7)
  bootsnap
  brakeman
  bullet (~> 7.0, >= 7.0.1)
  bundler-audit (~> 0.9.0)
  capybara (~> 3.36)
  coveralls_reborn (~> 0.23.1)
  database_cleaner (~> 2.0, >= 2.0.1)
  debug
  dotenv-rails (~> 2.7, >= 2.7.6)
  email_spec (~> 2.2)
  enumerize (~> 2.3, >= 2.3.1)
  factory_bot (~> 6.2)
  factory_bot_rails (~> 6.2)
  faker (~> 2.19)
  interactor (~> 3.1, >= 3.1.2)
  interactor-rails (~> 2.2, >= 2.2.1)
  json_spec (~> 1.1, >= 1.1.5)
  jsonapi-serializer (~> 2.2)
  jwt (~> 2.3)
  launchy (~> 2.5)
  listen (~> 3.7, >= 3.7.1)
  n_plus_one_control (~> 0.6.2)
  oj (~> 3.13, >= 3.13.11)
  open-uri (~> 0.2.0)
  pg (~> 1.1)
  pry (~> 0.14.1)
  puma (>= 5.6.2)
  pundit (~> 2.1, >= 2.1.1)
  rack-attack (~> 6.6)
  rack-cors
  rack-mini-profiler (~> 2.3, >= 2.3.3)
  rails (~> 7.0.2)
  rails-controller-testing (~> 1.0, >= 1.0.5)
  rails_best_practices (~> 1.22, >= 1.22.1)
  rb-readline (~> 0.5.5)
  rolify (~> 5.0)
  rspec-json_expectations (~> 2.2)
  rspec-rails (~> 5.1)
  rubocop
  rubocop-faker
  rubocop-performance
  rubocop-rails
  rubocop-rake
  rubocop-rspec
  rubycritic
  selenium-webdriver
  shoulda-matchers (~> 5.1)
  sidekiq (~> 6.4, >= 6.4.1)
  simplecov (~> 0.21)
  simplecov-lcov (~> 0.8.0)
  spring
  spring-watcher-listen (~> 2.0, >= 2.0.1)
  strong_migrations (~> 0.7.9)
  tzinfo-data
  webdrivers

RUBY VERSION
   ruby 3.0.2p107

BUNDLED WITH
   2.2.32
